GEM
  remote: https://rubygems.org/
  specs:
    activesupport (4.1.5)
      i18n (~> 0.6, >= 0.6.9)
      json (~> 1.7, >= 1.7.7)
      minitest (~> 5.1)
      thread_safe (~> 0.1)
      tzinfo (~> 1.1)
    cri (2.1.0)
    faraday (0.9.0)
      multipart-post (>= 1.2, < 3)
    faster_xml_simple (0.5.0)
      libxml-ruby (>= 0.3.8.4)
    httpclient (2.6.0.1)
    i18n (0.6.11)
    json (1.8.1)
    libxml-ruby (2.8.0)
    mini_portile (0.6.2)
    minitest (5.4.1)
    multipart-post (2.0.0)
    net-github-upload (0.0.8)
      faster_xml_simple
      httpclient
      json
      nokogiri (>= 1.4.0)
    nokogiri (1.6.6.2)
      mini_portile (~> 0.6.0)
    ocra (1.3.5)
    rake (0.9.2.2)
    releasy (0.2.2)
      cri (~> 2.1.0)
      net-github-upload (~> 0.0.8)
      ocra (~> 1.3.0)
      rake (~> 0.9.2.2)
      thor (~> 0.14.6)
    thor (0.14.6)
    thread_safe (0.3.4)
    tzinfo (1.2.2)
      thread_safe (~> 0.1)

PLATFORMS
  ruby

DEPENDENCIES
  activesupport
  faraday
  json
  releasy
  thor (= 0.14.6)
